GEM
  remote: https://rubygems.org/
  specs:
    webrick (1.8.1)
    yard (0.9.34)

PLATFORMS
  arm64-darwin-21

DEPENDENCIES
  webrick
  yard (~> 0.9.34)

BUNDLED WITH
   2.4.12
